GEM
  remote: http://rubygems.org/
  specs:
    columnize (0.3.6)
    diff-lcs (1.1.3)
    linecache (0.46)
      rbx-require-relative (> 0.0.4)
    rbx-require-relative (0.0.5)
    rspec (2.7.0)
      rspec-core (~> 2.7.0)
      rspec-expectations (~> 2.7.0)
      rspec-mocks (~> 2.7.0)
    rspec-core (2.7.1)
    rspec-expectations (2.7.0)
      diff-lcs (~> 1.1.2)
    rspec-mocks (2.7.0)
    ruby-debug (0.10.4)
      columnize (>= 0.1)
      ruby-debug-base (~> 0.10.4.0)
    ruby-debug-base (0.10.4)
      linecache (>= 0.3)

PLATFORMS
  ruby

DEPENDENCIES
  rspec
  ruby-debug
